GEM
  remote: http://rubygems.org/
  specs:
    algorithms (0.6.1)
    conject (0.1.7)
    cri (2.1.0)
    faster_xml_simple (0.5.0)
      libxml-ruby (>= 0.3.8.4)
    ffi (1.8.1)
    ffi (1.8.1-x86-mingw32)
    gamebox (0.4.0)
      conject (>= 0.0.8)
      gosu
      i18n
      kvo (>= 0.1.0)
      listen (>= 0.5.3)
      publisher
      require_all
      thor
      tween
    gosu (0.7.47.1)
    gosu (0.7.47.1-x86-mingw32)
    httpclient (2.3.3)
    i18n (0.6.4)
    json (1.7.7)
    kvo (0.1.0)
      publisher
    libxml-ruby (2.6.0)
    libxml-ruby (2.6.0-x86-mingw32)
    listen (1.0.2)
      rb-fsevent (>= 0.9.3)
      rb-inotify (>= 0.9)
      rb-kqueue (>= 0.2)
    net-github-upload (0.0.8)
      faster_xml_simple
      httpclient
      json
      nokogiri (>= 1.4.0)
    nokogiri (1.5.9)
    nokogiri (1.5.9-x86-mingw32)
    ocra (1.3.1)
    polaris (1.1.2)
      algorithms
    publisher (1.1.2)
    rake (0.9.2.2)
    rb-fsevent (0.9.3)
    rb-inotify (0.9.0)
      ffi (>= 0.5.0)
    rb-kqueue (0.2.0)
      ffi (>= 0.5.0)
    releasy (0.2.2)
      cri (~> 2.1.0)
      net-github-upload (~> 0.0.8)
      ocra (~> 1.3.0)
      rake (~> 0.9.2.2)
      thor (~> 0.14.6)
    require_all (1.2.1)
    thor (0.14.6)
    tween (0.1.2)

PLATFORMS
  ruby
  x86-mingw32

DEPENDENCIES
  conject
  gamebox (>= 0.4.0)
  polaris
  rake
  releasy
  require_all
